GEM
  remote: https://rubygems.org/
  specs:
    bson (3.2.6)
    bson_ext (1.5.1)
    kgio (2.10.0)
    mongo (2.1.2)
      bson (~> 3.0)
    newrelic_rpm (3.14.1.311)
    rack (1.6.4)
    rack-protection (1.5.3)
      rack
    raindrops (0.15.0)
    sinatra (1.4.7)
      rack (~> 1.5)
      rack-protection (~> 1.4)
      tilt (>= 1.3, < 3)
    tilt (2.0.2)
    unicorn (5.0.1)
      kgio (~> 2.6)
      rack
      raindrops (~> 0.7)

PLATFORMS
  ruby

DEPENDENCIES
  bson
  bson_ext
  mongo (= 2.1.2)
  newrelic_rpm (= 3.14.1.311)
  sinatra
  unicorn

BUNDLED WITH
   1.10.6
